PATH
  remote: .
  specs:
    rest_cli (0.0.1)
      addressable (~> 2.5)
      faraday (~> 0.10.0)
      http-cookie (~> 1.0, >= 1.0.3)
      multi_json (~> 1.12, >= 1.12.1)
      nokogiri (~> 1.6, >= 1.6.8.1)
      oj (~> 2.18)
      typhoeus (~> 1.1, >= 1.1.2)

GEM
  remote: https://rubygems.org/
  specs:
    addressable (2.5.0)
      public_suffix (~> 2.0, >= 2.0.2)
    domain_name (0.5.20161129)
      unf (>= 0.0.5, < 1.0.0)
    ethon (0.10.1)
      ffi (>= 1.3.0)
    faraday (0.10.0)
      multipart-post (>= 1.2, < 3)
    ffi (1.9.14)
    http-cookie (1.0.3)
      domain_name (~> 0.5)
    mini_portile2 (2.1.0)
    multi_json (1.12.1)
    multipart-post (2.0.0)
    nokogiri (1.6.8.1)
      mini_portile2 (~> 2.1.0)
    oj (2.18.0)
    public_suffix (2.0.4)
    typhoeus (1.1.2)
      ethon (>= 0.9.0)
    unf (0.1.4)
      unf_ext
    unf_ext (0.0.7.2)

PLATFORMS
  ruby

DEPENDENCIES
  rest_cli!

BUNDLED WITH
   1.13.6
