PATH
  remote: .
  specs:
    rest_cli (0.0.1)
      addressable (~> 2.5)
      faraday (~> 0.11.0)
      http-cookie (~> 1.0, >= 1.0.3)
      multi_json (~> 1.12, >= 1.12.1)
      nokogiri (~> 1.7, >= 1.7.0.1)
      oj (~> 2.18, >= 2.18.1)
      parallel (~> 1.10)
      typhoeus (~> 1.1, >= 1.1.2)

GEM
  remote: https://rubygems.org/
  specs:
    addressable (2.5.0)
      public_suffix (~> 2.0, >= 2.0.2)
    ast (2.3.0)
    domain_name (0.5.20161129)
      unf (>= 0.0.5, < 1.0.0)
    ethon (0.10.1)
      ffi (>= 1.3.0)
    faraday (0.11.0)
      multipart-post (>= 1.2, < 3)
    ffi (1.9.17)
    http-cookie (1.0.3)
      domain_name (~> 0.5)
    mini_portile2 (2.1.0)
    multi_json (1.12.1)
    multipart-post (2.0.0)
    nokogiri (1.7.0.1)
      mini_portile2 (~> 2.1.0)
    oj (2.18.1)
    parallel (1.10.0)
    parser (2.4.0.0)
      ast (~> 2.2)
    powerpack (0.1.1)
    public_suffix (2.0.5)
    rainbow (2.2.1)
    rubocop (0.47.1)
      parser (>= 2.3.3.1, < 3.0)
      powerpack (~> 0.1)
      rainbow (>= 1.99.1, < 3.0)
      ruby-progressbar (~> 1.7)
      unicode-display_width (~> 1.0, >= 1.0.1)
    ruby-progressbar (1.8.1)
    typhoeus (1.1.2)
      ethon (>= 0.9.0)
    unf (0.1.4)
      unf_ext
    unf_ext (0.0.7.2)
    unicode-display_width (1.1.3)

PLATFORMS
  ruby

DEPENDENCIES
  rest_cli!
  rubocop (~> 0.47.1)

BUNDLED WITH
   1.14.2
